PATH
  remote: .
  specs:
    accessory (0.1.10)

GEM
  remote: https://rubygems.org/
  specs:

PLATFORMS
  ruby

DEPENDENCIES
  accessory!

RUBY VERSION
   ruby 2.6.3p62

BUNDLED WITH
   1.17.2
